GIT
  remote: https://github.com/DatabaseCleaner/database_cleaner.git
  revision: 07fa376c78014d69eb08d75346a4c715731448b0
  specs:
    database_cleaner (1.6.3)

GEM
  remote: https://rubygems.org/
  specs:
    activemodel (5.1.4)
      activesupport (= 5.1.4)
    activesupport (5.1.4)
      concurrent-ruby (~> 1.0, >= 1.0.2)
      i18n (~> 0.7)
      minitest (~> 5.1)
      tzinfo (~> 1.1)
    addressable (2.5.2)
      public_suffix (>= 2.0.2, < 4.0)
    api-ai-ruby (2.1.0)
      http (~> 2.0)
    bson (4.3.0)
    concurrent-ruby (1.0.5)
    domain_name (0.5.25)
      unf (>= 0.0.5, < 1.0.0)
    faraday (0.14.0)
      multipart-post (>= 1.2, < 3)
    gruff (0.7.0)
      rmagick (~> 2.13, >= 2.13.4)
    http (2.2.2)
      addressable (~> 2.3)
      http-cookie (~> 1.0)
      http-form_data (~> 1.0.1)
      http_parser.rb (~> 0.6.0)
    http-cookie (1.0.2)
      domain_name (~> 0.5)
    http-form_data (1.0.3)
    http_parser.rb (0.6.0)
    i18n (0.9.3)
      concurrent-ruby (~> 1.0)
    imgurapi (3.2.2)
      faraday
    json (2.1.0)
    line-bot-api (1.0.0)
    mime-types (2.99.3)
    minitest (5.11.1)
    mongo (2.5.0)
      bson (>= 4.3.0, < 5.0.0)
    mongoid (6.3.0)
      activemodel (~> 5.1)
      mongo (>= 2.5.0, < 3.0.0)
    multipart-post (2.0.0)
    mustermann (1.0.1)
    netrc (0.10.3)
    pdf-core (0.7.0)
    prawn (2.2.2)
      pdf-core (~> 0.7.0)
      ttfunk (~> 1.5)
    prawn-table (0.2.2)
      prawn (>= 1.3.0, < 3.0.0)
    public_suffix (3.0.1)
    rack (2.0.3)
    rack-protection (2.0.0)
      rack
    rake (12.3.0)
    rake-compiler (1.0.4)
      rake
    rest-client (1.8.0)
      http-cookie (>= 1.0.2, < 2.0)
      mime-types (>= 1.16, < 3.0)
      netrc (~> 0.7)
    rmagick (2.16.0)
    sinatra (2.0.0)
      mustermann (~> 1.0)
      rack (~> 2.0)
      rack-protection (= 2.0.0)
      tilt (~> 2.0)
    summarize (1.0.3)
      rake-compiler
    tf-idf-similarity (0.1.6)
      unicode_utils (~> 1.4)
    thread_safe (0.3.6)
    tilt (2.0.8)
    ttfunk (1.5.1)
    tzinfo (1.2.4)
      thread_safe (~> 0.1)
    unf (0.1.4)
      unf_ext
    unf_ext (0.0.7.1)
    unicode_utils (1.4.0)

PLATFORMS
  ruby

DEPENDENCIES
  api-ai-ruby
  bson
  database_cleaner!
  gruff
  imgurapi
  json
  line-bot-api
  mongoid
  prawn
  prawn-table
  rest-client
  sinatra
  summarize
  tf-idf-similarity

RUBY VERSION
   ruby 2.5.0p0

BUNDLED WITH
   1.16.1
